GEM
  remote: http://rubygems.org/
  specs:
    configatron (2.8.2)
      yamler (>= 0.1.0)
    cover_me (1.1.0)
      configatron
      hashie
    diff-lcs (1.1.2)
    git (1.2.5)
    hashie (1.0.0)
    jeweler (1.6.3)
      bundler (~> 1.0)
      git (>= 1.2.5)
      rake
    rake (0.9.2)
    rcov (0.9.9)
    rspec (2.6.0)
      rspec-core (~> 2.6.0)
      rspec-expectations (~> 2.6.0)
      rspec-mocks (~> 2.6.0)
    rspec-core (2.6.4)
    rspec-expectations (2.6.0)
      diff-lcs (~> 1.1.2)
    rspec-mocks (2.6.0)
    yamler (0.1.0)
    yard (0.6.8)

PLATFORMS
  ruby

DEPENDENCIES
  bundler (~> 1.0.0)
  cover_me (>= 1.0.0.rc6)
  jeweler (~> 1.6.3)
  rcov
  rspec (~> 2.6.0)
  yard (~> 0.6.0)
